GEM
  remote: https://rubygems.org/
  specs:
    concurrent-ruby (1.1.6)
    diff-lcs (1.3)
    faker (2.12.0)
      i18n (>= 1.6, < 2)
    ffi (1.13.0)
    get_process_mem (0.2.5)
      ffi (~> 1.0)
    i18n (1.8.2)
      concurrent-ruby (~> 1.0)
    rspec (3.9.0)
      rspec-core (~> 3.9.0)
      rspec-expectations (~> 3.9.0)
      rspec-mocks (~> 3.9.0)
    rspec-core (3.9.2)
      rspec-support (~> 3.9.3)
    rspec-expectations (3.9.2)
      diff-lcs (>= 1.2.0, < 2.0)
      rspec-support (~> 3.9.0)
    rspec-mocks (3.9.1)
      diff-lcs (>= 1.2.0, < 2.0)
      rspec-support (~> 3.9.0)
    rspec-support (3.9.3)
    ruby-prof (1.4.1)

PLATFORMS
  ruby

DEPENDENCIES
  faker
  get_process_mem
  rspec
  ruby-prof

BUNDLED WITH
   2.1.4
